PATH
  remote: .
  specs:
    history (1.0)
      activesupport (~> 5.1)
      cuba (~> 3.9)
      rack (~> 2.0)

GEM
  remote: https://rubygems.org/
  specs:
    activesupport (5.1.5)
      concurrent-ruby (~> 1.0, >= 1.0.2)
      i18n (~> 0.7)
      minitest (~> 5.1)
      tzinfo (~> 1.1)
    clap (1.0.0)
    concurrent-ruby (1.0.5)
    cuba (3.9.2)
      rack (>= 1.6.0)
    cutest (1.2.3)
      clap
    i18n (0.9.5)
      concurrent-ruby (~> 1.0)
    minitest (5.11.3)
    rack (2.0.4)
    rack-test (0.8.2)
      rack (>= 1.0, < 3)
    thread_safe (0.3.6)
    tzinfo (1.2.5)
      thread_safe (~> 0.1)

PLATFORMS
  ruby

DEPENDENCIES
  cutest (~> 1.2)
  history!
  rack-test (~> 0.7)

BUNDLED WITH
   1.16.1
