PATH
  remote: .
  specs:
    history (1.0)
      cuba (~> 3.9)
      pg (~> 1.0)
      puma (~> 3.11)
      rack (~> 2.0)
      sequel (~> 5.6)

GEM
  remote: https://rubygems.org/
  specs:
    clap (1.0.0)
    cuba (3.9.2)
      rack (>= 1.6.0)
    cutest (1.2.3)
      clap
    pg (1.0.0)
    puma (3.11.3)
    rack (2.0.6)
    rack-test (0.8.3)
      rack (>= 1.0, < 3)
    sequel (5.6.0)
    sqlite3 (1.3.13)

PLATFORMS
  ruby

DEPENDENCIES
  cutest (~> 1.2)
  history!
  rack-test (~> 0.7)
  sqlite3 (~> 1.3)

RUBY VERSION
   ruby 2.5.1p57

BUNDLED WITH
   1.16.1
